GEM
  remote: https://rubygems.org/
  specs:
    rouge (2.0.7)
    xcpretty (0.3.0)
      rouge (~> 2.0.7)

PLATFORMS
  ruby

DEPENDENCIES
  xcpretty (= 0.3.0)

BUNDLED WITH
   1.17.3
